PATH
  remote: .
  specs:
    oaken (0.2.0)

GEM
  remote: https://rubygems.org/
  specs:
    activemodel (7.0.6)
      activesupport (= 7.0.6)
    activerecord (7.0.6)
      activemodel (= 7.0.6)
      activesupport (= 7.0.6)
    activesupport (7.0.6)
      concurrent-ruby (~> 1.0, >= 1.0.2)
      i18n (>= 1.6, < 2)
      minitest (>= 5.1)
      tzinfo (~> 2.0)
    concurrent-ruby (1.2.2)
    i18n (1.14.1)
      concurrent-ruby (~> 1.0)
    minitest (5.18.1)
    minitest-sprint (1.2.2)
      path_expander (~> 1.1)
    mysql2 (0.5.5)
    path_expander (1.1.1)
    pg (1.5.3)
    rake (13.0.6)
    sqlite3 (1.6.3-arm64-darwin)
    sqlite3 (1.6.3-x86_64-linux)
    tzinfo (2.0.6)
      concurrent-ruby (~> 1.0)

PLATFORMS
  arm64-darwin-21
  arm64-darwin-22
  x86_64-linux

DEPENDENCIES
  activerecord
  minitest (~> 5.0)
  minitest-sprint
  mysql2
  oaken!
  pg
  rake (~> 13.0)
  sqlite3

BUNDLED WITH
   2.4.17
